GEM
  remote: https://rubygems.org/
  specs:
    pg (1.3.5)

PLATFORMS
  ruby

DEPENDENCIES
  pg (~> 1.3)

BUNDLED WITH
   2.1.4
